GEM
  remote: https://rubygems.org/
  specs:
    actioncable (6.1.7.9)
      actionpack (= 6.1.7.9)
      activesupport (= 6.1.7.9)
      nio4r (~> 2.0)
      websocket-driver (>= 0.6.1)
    actionmailbox (6.1.7.9)
      actionpack (= 6.1.7.9)
      activejob (= 6.1.7.9)
      activerecord (= 6.1.7.9)
      activestorage (= 6.1.7.9)
      activesupport (= 6.1.7.9)
      mail (>= 2.7.1)
    actionmailer (6.1.7.9)
      actionpack (= 6.1.7.9)
      actionview (= 6.1.7.9)
      activejob (= 6.1.7.9)
      activesupport (= 6.1.7.9)
      mail (~> 2.5, >= 2.5.4)
      rails-dom-testing (~> 2.0)
    actionpack (6.1.7.9)
      actionview (= 6.1.7.9)
      activesupport (= 6.1.7.9)
      rack (~> 2.0, >= 2.0.9)
      rack-test (>= 0.6.3)
      rails-dom-testing (~> 2.0)
      rails-html-sanitizer (~> 1.0, >= 1.2.0)
    actiontext (6.1.7.9)
      actionpack (= 6.1.7.9)
      activerecord (= 6.1.7.9)
      activestorage (= 6.1.7.9)
      activesupport (= 6.1.7.9)
      nokogiri (>= 1.8.5)
    actionview (6.1.7.9)
      activesupport (= 6.1.7.9)
      builder (~> 3.1)
      erubi (~> 1.4)
      rails-dom-testing (~> 2.0)
      rails-html-sanitizer (~> 1.1, >= 1.2.0)
    activejob (6.1.7.9)
      activesupport (= 6.1.7.9)
      globalid (>= 0.3.6)
    activemodel (6.1.7.9)
      activesupport (= 6.1.7.9)
    activerecord (6.1.7.9)
      activemodel (= 6.1.7.9)
      activesupport (= 6.1.7.9)
    activestorage (6.1.7.9)
      actionpack (= 6.1.7.9)
      activejob (= 6.1.7.9)
      activerecord (= 6.1.7.9)
      activesupport (= 6.1.7.9)
      marcel (~> 1.0)
      mini_mime (>= 1.1.0)
    activesupport (6.1.7.9)
      concurrent-ruby (~> 1.0, >= 1.0.2)
      i18n (>= 1.6, < 2)
      minitest (>= 5.1)
      tzinfo (~> 2.0)
      zeitwerk (~> 2.3)
    addressable (2.8.0)
      public_suffix (>= 2.0.2, < 5.0)
    aws-eventstream (1.2.0)
    aws-partitions (1.539.0)
    aws-sdk-core (3.124.0)
      aws-eventstream (~> 1, >= 1.0.2)
      aws-partitions (~> 1, >= 1.525.0)
      aws-sigv4 (~> 1.1)
      jmespath (~> 1.0)
    aws-sdk-sns (1.49.0)
      aws-sdk-core (~> 3, >= 3.122.0)
      aws-sigv4 (~> 1.1)
    aws-sdk-sqs (1.48.0)
      aws-sdk-core (~> 3, >= 3.122.0)
      aws-sigv4 (~> 1.1)
    aws-sigv4 (1.4.0)
      aws-eventstream (~> 1, >= 1.0.2)
    bootsnap (1.9.3)
      msgpack (~> 1.0)
    builder (3.2.4)
    coderay (1.1.3)
    committee (4.4.0)
      json_schema (~> 0.14, >= 0.14.3)
      openapi_parser (>= 0.11.1, < 1.0)
      rack (>= 1.5)
    committee-rails (0.5.1)
      actionpack
      activesupport
      committee (>= 3.0.0)
      railties
    composite_primary_keys (13.0.1)
      activerecord (~> 6.1.0)
    concurrent-ruby (1.1.10)
    crack (0.4.5)
      rexml
    crass (1.0.6)
    ddtrace (0.54.1)
      debase-ruby_core_source (= 0.10.12)
      msgpack
    debase-ruby_core_source (0.10.12)
    diff-lcs (1.4.4)
    docile (1.4.0)
    erubi (1.10.0)
    factory_bot (6.2.0)
      activesupport (>= 5.0.0)
    factory_bot_rails (6.2.0)
      factory_bot (~> 6.2.0)
      railties (>= 5.0.0)
    faraday (1.8.0)
      faraday-em_http (~> 1.0)
      faraday-em_synchrony (~> 1.0)
      faraday-excon (~> 1.1)
      faraday-httpclient (~> 1.0.1)
      faraday-net_http (~> 1.0)
      faraday-net_http_persistent (~> 1.1)
      faraday-patron (~> 1.0)
      faraday-rack (~> 1.0)
      multipart-post (>= 1.2, < 3)
      ruby2_keywords (>= 0.0.4)
    faraday-em_http (1.0.0)
    faraday-em_synchrony (1.0.0)
    faraday-excon (1.1.0)
    faraday-httpclient (1.0.1)
    faraday-net_http (1.0.1)
    faraday-net_http_persistent (1.2.0)
    faraday-patron (1.0.0)
    faraday-rack (1.0.0)
    faraday_middleware (1.2.0)
      faraday (~> 1.0)
    ffi (1.15.4)
    globalid (0.5.2)
      activesupport (>= 5.0)
    hashdiff (1.0.1)
    i18n (1.8.11)
      concurrent-ruby (~> 1.0)
    jmespath (1.4.0)
    json_schema (0.21.0)
    jwt (2.3.0)
    listen (3.7.0)
      rb-fsevent (~> 0.10, >= 0.10.3)
      rb-inotify (~> 0.9, >= 0.9.10)
    loofah (2.12.0)
      crass (~> 1.0.2)
      nokogiri (>= 1.5.9)
    mail (2.7.1)
      mini_mime (>= 0.1.1)
    marcel (1.0.4)
    method_source (1.0.0)
    mini_mime (1.1.5)
    mini_portile2 (2.6.1)
    minitest (5.15.0)
    msgpack (1.4.2)
    multi_json (1.15.0)
    multi_xml (0.6.0)
    multipart-post (2.1.1)
    nio4r (2.5.9)
    nokogiri (1.12.5)
      mini_portile2 (~> 2.6.1)
      racc (~> 1.4)
    oauth2 (1.4.7)
      faraday (>= 0.8, < 2.0)
      jwt (>= 1.0, < 3.0)
      multi_json (~> 1.3)
      multi_xml (~> 0.5)
      rack (>= 1.2, < 3)
    openapi_parser (0.15.0)
    pg (1.2.3)
    pry (0.14.1)
      coderay (~> 1.1)
      method_source (~> 1.0)
    pry-rails (0.3.9)
      pry (>= 0.10.4)
    pry-remote (0.1.8)
      pry (~> 0.9)
      slop (~> 3.0)
    public_suffix (4.0.6)
    puma (5.5.2)
      nio4r (~> 2.0)
    racc (1.6.2)
    rack (2.2.10)
    rack-test (1.1.0)
      rack (>= 1.0, < 3)
    rails (6.1.7.9)
      actioncable (= 6.1.7.9)
      actionmailbox (= 6.1.7.9)
      actionmailer (= 6.1.7.9)
      actionpack (= 6.1.7.9)
      actiontext (= 6.1.7.9)
      actionview (= 6.1.7.9)
      activejob (= 6.1.7.9)
      activemodel (= 6.1.7.9)
      activerecord (= 6.1.7.9)
      activestorage (= 6.1.7.9)
      activesupport (= 6.1.7.9)
      bundler (>= 1.15.0)
      railties (= 6.1.7.9)
      sprockets-rails (>= 2.0.0)
    rails-dom-testing (2.0.3)
      activesupport (>= 4.2.0)
      nokogiri (>= 1.6)
    rails-html-sanitizer (1.4.3)
      loofah (~> 2.3)
    railties (6.1.7.9)
      actionpack (= 6.1.7.9)
      activesupport (= 6.1.7.9)
      method_source
      rake (>= 12.2)
      thor (~> 1.0)
    rake (13.0.6)
    rb-fsevent (0.11.0)
    rb-inotify (0.10.1)
      ffi (~> 1.0)
    redis (4.5.1)
    rexml (3.2.5)
    rspec-core (3.10.1)
      rspec-support (~> 3.10.0)
    rspec-expectations (3.10.1)
      diff-lcs (>= 1.2.0, < 2.0)
      rspec-support (~> 3.10.0)
    rspec-mocks (3.10.2)
      diff-lcs (>= 1.2.0, < 2.0)
      rspec-support (~> 3.10.0)
    rspec-rails (5.0.2)
      actionpack (>= 5.2)
      activesupport (>= 5.2)
      railties (>= 5.2)
      rspec-core (~> 3.10)
      rspec-expectations (~> 3.10)
      rspec-mocks (~> 3.10)
      rspec-support (~> 3.10)
    rspec-support (3.10.3)
    ruby2_keywords (0.0.5)
    rubyzip (2.3.2)
    shoryuken (5.3.0)
      aws-sdk-core (>= 2)
      concurrent-ruby
      thor
    shoulda (4.0.0)
      shoulda-context (~> 2.0)
      shoulda-matchers (~> 4.0)
    shoulda-context (2.0.0)
    shoulda-matchers (4.5.1)
      activesupport (>= 4.2.0)
    simple_xlsx_reader (1.0.4)
      nokogiri
      rubyzip
    simplecov (0.21.2)
      docile (~> 1.1)
      simplecov-html (~> 0.11)
      simplecov_json_formatter (~> 0.1)
    simplecov-html (0.12.3)
    simplecov_json_formatter (0.1.3)
    slop (3.6.0)
    sprockets (4.0.3)
      concurrent-ruby (~> 1.0)
      rack (> 1, < 3)
    sprockets-rails (3.4.2)
      actionpack (>= 5.2)
      activesupport (>= 5.2)
      sprockets (>= 3.0.0)
    thor (1.1.0)
    tzinfo (2.0.6)
      concurrent-ruby (~> 1.0)
    webmock (3.14.0)
      addressable (>= 2.8.0)
      crack (>= 0.3.2)
      hashdiff (>= 0.4.0, < 2.0.0)
    websocket-driver (0.7.6)
      websocket-extensions (>= 0.1.0)
    websocket-extensions (0.1.5)
    zeitwerk (2.5.4)

PLATFORMS
  ruby

DEPENDENCIES
  aws-sdk-sns
  aws-sdk-sqs
  bootsnap (>= 1.4.4)
  committee (~> 4.4)
  committee-rails
  composite_primary_keys
  ddtrace
  factory_bot_rails
  faraday
  faraday_middleware
  listen
  oauth2
  openapi_parser (~> 0.15)
  pg (~> 1.1)
  pry (~> 0.14.1)
  pry-rails
  pry-remote
  puma (~> 5.0)
  rails (~> 6.1.3)
  redis
  rspec-rails
  shoryuken
  shoulda
  shoulda-matchers
  simple_xlsx_reader
  simplecov
  simplecov_json_formatter
  tzinfo-data
  webmock

RUBY VERSION
   ruby 3.0.1p64

BUNDLED WITH
   2.2.28
